GEM
  remote: http://rubygems.org/
  specs:
    actionmailer (2.3.5)
      actionpack (= 2.3.5)
    actionpack (2.3.5)
      activesupport (= 2.3.5)
      rack (~> 1.0.0)
    activerecord (2.3.5)
      activesupport (= 2.3.5)
    activeresource (2.3.5)
      activesupport (= 2.3.5)
    activesupport (2.3.5)
    addressable (2.3.6)
    declarative_authorization (0.5.1)
    faraday (0.15.4)
      multipart-post (>= 1.2, < 3)
    fastercsv (1.5.5)
    fattr (2.2.1)
    httpauth (0.2.1)
    i18n (0.4.2)
    multi_json (1.3.6)
    multipart-post (2.0.0)
    mysql2 (0.5.2)
    nokogiri (1.5.10)
    oauth2 (0.6.1)
      faraday (~> 0.7)
      httpauth (~> 0.1)
      multi_json (~> 1.3)
    rack (1.0.1)
    rails (2.3.5)
      actionmailer (= 2.3.5)
      actionpack (= 2.3.5)
      activerecord (= 2.3.5)
      activeresource (= 2.3.5)
      activesupport (= 2.3.5)
      rake (>= 0.8.3)
    rake (0.9.2.2)
    rb-readline (0.5.0)
    rush (0.6.8)
      session
    session (3.1.0)
      fattr

PLATFORMS
  ruby

DEPENDENCIES
  addressable
  declarative_authorization (= 0.5.1)
  faraday (~> 0.15.4)
  fastercsv
  i18n (= 0.4.2)
  multi_json (~> 1.0)
  mysql2
  nokogiri (= 1.5.10)
  oauth2 (~> 0.6.1)
  rails (= 2.3.5)
  rb-readline
  rush

BUNDLED WITH
   2.0.1
